GEM
  remote: http://rubygems.org/
  remote: http://gems.github.com/
  specs:
    trollop (1.16.2)

PLATFORMS
  ruby

DEPENDENCIES
  trollop
